GEM
  remote: https://rubygems.org/
  specs:
    ZenTest (4.9.2)
    activesupport (3.2.13)
      i18n (= 0.6.1)
      multi_json (~> 1.0)
    autotest-doom (0.0.1)
      test_notifier (~> 0)
    autotest-growl (0.2.16)
    classifier (1.3.3)
      fast-stemmer (>= 1.0.0)
    columnize (0.3.6)
    debugger (1.5.0)
      columnize (>= 0.3.1)
      debugger-linecache (~> 1.2.0)
      debugger-ruby_core_source (~> 1.2.0)
    debugger-linecache (1.2.0)
    debugger-ruby_core_source (1.2.0)
    diff-lcs (1.2.4)
    fast-stemmer (1.0.2)
    i18n (0.6.1)
    multi_json (1.7.3)
    notifier (0.4.1)
    progressbar (0.20.0)
    rspec (2.13.0)
      rspec-core (~> 2.13.0)
      rspec-expectations (~> 2.13.0)
      rspec-mocks (~> 2.13.0)
    rspec-core (2.13.1)
    rspec-expectations (2.13.0)
      diff-lcs (>= 1.1.3, < 2.0)
    rspec-mocks (2.13.1)
    test_notifier (0.4.0)
      notifier

PLATFORMS
  ruby

DEPENDENCIES
  ZenTest
  activesupport
  autotest-doom
  autotest-growl
  classifier
  debugger
  progressbar
  rspec
